PATH
  remote: .
  specs:
    virtualfs (0.1.4)
      dalli (~> 2.7)
      github_api (~> 0.8.0)
      unicode (~> 0.4.4)

GEM
  remote: https://rubygems.org/
  specs:
    dalli (2.7.2)
    diff-lcs (1.1.3)
    fakefs (0.4.2)
    faraday (0.8.5)
      multipart-post (~> 1.1)
    github_api (0.8.11)
      faraday (~> 0.8.1)
      hashie (~> 1.2.0)
      multi_json (~> 1.4)
      nokogiri (~> 1.5.2)
      oauth2
    hashie (1.2.0)
    jwt (1.2.0)
    multi_json (1.10.1)
    multi_xml (0.5.5)
    multipart-post (1.1.5)
    nokogiri (1.5.6)
    oauth2 (1.0.0)
      faraday (>= 0.8, < 0.10)
      jwt (~> 1.0)
      multi_json (~> 1.3)
      multi_xml (~> 0.5)
      rack (~> 1.2)
    rack (1.6.0)
    rspec (2.12.0)
      rspec-core (~> 2.12.0)
      rspec-expectations (~> 2.12.0)
      rspec-mocks (~> 2.12.0)
    rspec-core (2.12.2)
    rspec-expectations (2.12.1)
      diff-lcs (~> 1.1.3)
    rspec-mocks (2.12.1)
    unicode (0.4.4.2)

PLATFORMS
  ruby

DEPENDENCIES
  fakefs (~> 0.4)
  rspec (~> 2.12)
  virtualfs!
