PATH
  remote: .
  specs:
    virtualfs (0.1.6)
      dalli (~> 2.7)
      octokit (~> 3.0)
      unicode (~> 0.4.4)

GEM
  remote: https://rubygems.org/
  specs:
    addressable (2.3.6)
    dalli (2.7.2)
    diff-lcs (1.2.5)
    fakefs (0.6.4)
    faraday (0.9.1)
      multipart-post (>= 1.2, < 3)
    multipart-post (2.0.0)
    octokit (3.7.0)
      sawyer (~> 0.6.0, >= 0.5.3)
    rspec (2.99.0)
      rspec-core (~> 2.99.0)
      rspec-expectations (~> 2.99.0)
      rspec-mocks (~> 2.99.0)
    rspec-core (2.99.2)
    rspec-expectations (2.99.2)
      diff-lcs (>= 1.1.3, < 2.0)
    rspec-mocks (2.99.3)
    sawyer (0.6.0)
      addressable (~> 2.3.5)
      faraday (~> 0.8, < 0.10)
    unicode (0.4.4.2)

PLATFORMS
  ruby

DEPENDENCIES
  fakefs (~> 0.4)
  rspec (~> 2.12)
  virtualfs!
